PATH
  remote: .
  specs:
    rulers (0.0.2)
      erubis
      rack

GEM
  remote: https://rubygems.org/
  specs:
    erubis (2.7.0)
    minitest (5.14.0)
    rack (2.2.2)
    rack-test (1.1.0)
      rack (>= 1.0, < 3)

PLATFORMS
  ruby

DEPENDENCIES
  minitest (~> 5.0)
  rack-test
  rulers!

BUNDLED WITH
   1.17.3
